PATH
  remote: .
  specs:
    unique_job (0.1.0)
      redis
      sidekiq (> 6.0, < 7.0)

GEM
  remote: https://rubygems.org/
  specs:
    connection_pool (2.2.3)
    minitest (5.11.3)
    rack (2.2.3)
    rack-protection (2.0.8.1)
      rack
    rake (12.3.2)
    redis (4.2.1)
    sidekiq (6.0.7)
      connection_pool (>= 2.2.2)
      rack (~> 2.0)
      rack-protection (>= 2.0.0)
      redis (>= 4.1.0)

PLATFORMS
  ruby

DEPENDENCIES
  minitest (~> 5.0)
  rake (~> 12.0)
  unique_job!

BUNDLED WITH
   2.1.4
