PATH
  remote: .
  specs:
    unique_job (0.3.2.pre)
      redis
      sidekiq (> 6.0, < 7.0)

GEM
  remote: https://rubygems.org/
  specs:
    connection_pool (2.2.3)
    minitest (5.14.2)
    rack (2.2.3)
    rake (12.3.3)
    redis (4.2.2)
    sidekiq (6.1.2)
      connection_pool (>= 2.2.2)
      rack (~> 2.0)
      redis (>= 4.2.0)

PLATFORMS
  ruby

DEPENDENCIES
  minitest (~> 5.0)
  rake (~> 12.0)
  unique_job!

BUNDLED WITH
   2.1.4
